GEM
  remote: https://rubygems.org/
  specs:
    addressable (2.8.0)
      public_suffix (>= 2.0.2, < 5.0)
    coderay (1.1.3)
    colorator (1.1.0)
    concurrent-ruby (1.1.10)
    debug (1.4.0)
      irb (>= 1.3.6)
      reline (>= 0.2.7)
    diff-lcs (1.5.0)
    em-websocket (0.5.3)
      eventmachine (>= 0.12.9)
      http_parser.rb (~> 0)
    ethon (0.15.0)
      ffi (>= 1.15.0)
    eventmachine (1.2.7)
    ffi (1.15.5)
    formatador (1.1.0)
    forwardable-extended (2.6.0)
    guard (2.18.0)
      formatador (>= 0.2.4)
      listen (>= 2.7, < 4.0)
      lumberjack (>= 1.0.12, < 2.0)
      nenv (~> 0.1)
      notiffany (~> 0.0)
      pry (>= 0.13.0)
      shellany (~> 0.0)
      thor (>= 0.18.1)
    guard-compat (1.2.1)
    guard-rspec (4.7.3)
      guard (~> 2.1)
      guard-compat (~> 1.1)
      rspec (>= 2.99.0, < 4.0)
    html-proofer (3.19.3)
      addressable (~> 2.3)
      mercenary (~> 0.3)
      nokogiri (~> 1.12)
      parallel (~> 1.3)
      rainbow (~> 3.0)
      typhoeus (~> 1.3)
      yell (~> 2.0)
    http_parser.rb (0.8.0)
    i18n (1.10.0)
      concurrent-ruby (~> 1.0)
    io-console (0.5.11)
    irb (1.4.1)
      reline (>= 0.3.0)
    jekyll (4.1.1)
      addressable (~> 2.4)
      colorator (~> 1.0)
      em-websocket (~> 0.5)
      i18n (~> 1.0)
      jekyll-sass-converter (~> 2.0)
      jekyll-watch (~> 2.0)
      kramdown (~> 2.1)
      kramdown-parser-gfm (~> 1.0)
      liquid (~> 4.0)
      mercenary (~> 0.4.0)
      pathutil (~> 0.9)
      rouge (~> 3.0)
      safe_yaml (~> 1.0)
      terminal-table (~> 1.8)
    jekyll-redirect-from (0.16.0)
      jekyll (>= 3.3, < 5.0)
    jekyll-sass-converter (2.2.0)
      sassc (> 2.0.1, < 3.0)
    jekyll-watch (2.2.1)
      listen (~> 3.0)
    jsonlint (0.3.0)
      oj (~> 3)
      optimist (~> 3)
    kramdown (2.3.2)
      rexml
    kramdown-parser-gfm (1.1.0)
      kramdown (~> 2.0)
    kwalify (0.7.2)
    liquid (4.0.3)
    listen (3.7.1)
      rb-fsevent (~> 0.10, >= 0.10.3)
      rb-inotify (~> 0.9, >= 0.9.10)
    lumberjack (1.2.8)
    mercenary (0.4.0)
    method_source (1.0.0)
    mini_portile2 (2.8.0)
    nenv (0.3.0)
    nokogiri (1.13.10)
      mini_portile2 (~> 2.8.0)
      racc (~> 1.4)
    notiffany (0.1.3)
      nenv (~> 0.1)
      shellany (~> 0.0)
    oj (3.13.11)
    opengraph_parser (0.2.5)
      addressable
      nokogiri
    optimist (3.0.1)
    parallel (1.22.1)
    pathutil (0.16.2)
      forwardable-extended (~> 2.6)
    pry (0.14.1)
      coderay (~> 1.1)
      method_source (~> 1.0)
    public_suffix (4.0.7)
    racc (1.6.1)
    rainbow (3.1.1)
    rake (13.0.6)
    rb-fsevent (0.11.1)
    rb-inotify (0.10.1)
      ffi (~> 1.0)
    reline (0.3.0)
      io-console (~> 0.5)
    rexml (3.2.5)
    rouge (3.28.0)
    rspec (3.12.0)
      rspec-core (~> 3.12.0)
      rspec-expectations (~> 3.12.0)
      rspec-mocks (~> 3.12.0)
    rspec-core (3.12.0)
      rspec-support (~> 3.12.0)
    rspec-expectations (3.12.1)
      diff-lcs (>= 1.2.0, < 2.0)
      rspec-support (~> 3.12.0)
    rspec-mocks (3.12.1)
      diff-lcs (>= 1.2.0, < 2.0)
      rspec-support (~> 3.12.0)
    rspec-support (3.12.0)
    safe_yaml (1.0.5)
    sassc (2.4.0)
      ffi (~> 1.9)
    shellany (0.0.1)
    terminal-table (1.8.0)
      unicode-display_width (~> 1.1, >= 1.1.1)
    thor (1.2.1)
    typhoeus (1.4.0)
      ethon (>= 0.9.0)
    unicode-display_width (1.8.0)
    webrick (1.7.0)
    yell (2.2.2)

PLATFORMS
  ruby

DEPENDENCIES
  debug
  guard
  guard-rspec
  html-proofer
  jekyll (~> 4.1.1)
  jekyll-redirect-from
  jsonlint
  kwalify
  opengraph_parser
  rake
  rspec
  tzinfo-data
  webrick

BUNDLED WITH
   2.3.7
